GEM
  remote: https://rubygems.org/
  specs:
    activesupport (5.1.1)
      concurrent-ruby (~> 1.0, >= 1.0.2)
      i18n (~> 0.7)
      minitest (~> 5.1)
      tzinfo (~> 1.1)
    addressable (2.5.1)
      public_suffix (~> 2.0, >= 2.0.2)
    concurrent-ruby (1.0.5)
    crack (0.4.3)
      safe_yaml (~> 1.0.0)
    diff-lcs (1.3)
    dotenv (2.2.1)
    faraday (0.12.1)
      multipart-post (>= 1.2, < 3)
    faraday_middleware (0.11.0.1)
      faraday (>= 0.7.4, < 1.0)
    gli (2.16.0)
    hashdiff (0.3.4)
    hashie (3.5.5)
    httparty (0.15.5)
      multi_xml (>= 0.5.2)
    i18n (0.8.1)
    json (2.1.0)
    minitest (5.10.2)
    multi_xml (0.6.0)
    multipart-post (2.0.0)
    public_suffix (2.0.5)
    rake (12.0.0)
    rspec (3.6.0)
      rspec-core (~> 3.6.0)
      rspec-expectations (~> 3.6.0)
      rspec-mocks (~> 3.6.0)
    rspec-core (3.6.0)
      rspec-support (~> 3.6.0)
    rspec-expectations (3.6.0)
      diff-lcs (>= 1.2.0, < 2.0)
      rspec-support (~> 3.6.0)
    rspec-mocks (3.6.0)
      diff-lcs (>= 1.2.0, < 2.0)
      rspec-support (~> 3.6.0)
    rspec-support (3.6.0)
    safe_yaml (1.0.4)
    slack-ruby-client (0.7.9)
      activesupport
      faraday (>= 0.9)
      faraday_middleware
      gli
      hashie
      json
      websocket-driver
    thread_safe (0.3.6)
    tzinfo (1.2.3)
      thread_safe (~> 0.1)
    webmock (3.0.1)
      addressable (>= 2.3.6)
      crack (>= 0.3.2)
      hashdiff
    websocket-driver (0.6.5)
      websocket-extensions (>= 0.1.0)
    websocket-extensions (0.1.2)

PLATFORMS
  ruby

DEPENDENCIES
  dotenv
  httparty
  rake
  rspec (~> 3.0)
  slack-ruby-client (= 0.7.9)
  webmock

RUBY VERSION
   ruby 2.3.1p112

BUNDLED WITH
   1.14.6
